GEM
  remote: https://rubygems.org/
  specs:
    dry-cli (1.0.0)

PLATFORMS
  x86_64-darwin-20

DEPENDENCIES
  dry-cli

BUNDLED WITH
   2.3.7
